GIT
  remote: https://github.com/Sudachi0814/rbs.git
  revision: 525126f72c26f3feec82a12068790c811ee61b7a
  branch: develop
  specs:
    rbs (3.9.2)
      logger

GEM
  remote: https://rubygems.org/
  specs:
    coverage-helpers (1.0.0)
    docile (1.4.0)
    logger (1.7.0)
    power_assert (2.0.3)
    prism (1.4.0)
    rake (13.2.1)
    simplecov (0.22.0)
      docile (~> 1.1)
      simplecov-html (~> 0.11)
      simplecov_json_formatter (~> 0.1)
    simplecov-html (0.12.3)
    simplecov_json_formatter (0.1.4)
    stackprof (0.2.26)
    test-unit (3.6.2)
      power_assert

PLATFORMS
  ruby
  x86_64-linux

DEPENDENCIES
  coverage-helpers
  prism (>= 1.0.0)
  rake
  rbs!
  simplecov
  simplecov-html
  stackprof
  test-unit

BUNDLED WITH
   2.5.18
